PATH
  remote: .
  specs:
    10xengineer-node (1.3.0)
      commander (~> 4.1.2)
      erubis (~> 2.7.0)
      httparty (~> 0.8.3)
      human_size_to_number (~> 1.0.1)
      mixlib-shellout (~> 1.1.0)
      net-ssh (~> 2.3.0)
      open4 (~> 1.3.0)
      uuid (~> 2.3.5)
      yajl-ruby (>= 1.1, < 1.5)
      zfs (~> 0.1.1)

GEM
  remote: https://rubygems.org/
  specs:
    commander (4.1.6)
      highline (~> 1.6.11)
    diff-lcs (1.1.3)
    erubis (2.7.0)
    highline (1.6.21)
    httparty (0.8.3)
      multi_json (~> 1.0)
      multi_xml
    human_size_to_number (1.0.1)
      rake
    macaddr (1.7.2)
      systemu (~> 2.6.5)
    mixlib-shellout (1.1.0)
    multi_json (1.3.6)
    multi_xml (0.6.0)
    net-ssh (2.3.0)
    open4 (1.3.4)
    rake (13.0.6)
    rspec (2.10.0)
      rspec-core (~> 2.10.0)
      rspec-expectations (~> 2.10.0)
      rspec-mocks (~> 2.10.0)
    rspec-core (2.10.1)
    rspec-expectations (2.10.0)
      diff-lcs (~> 1.1.3)
    rspec-mocks (2.10.1)
    simplecov (0.6.4)
      multi_json (~> 1.0)
      simplecov-html (~> 0.5.3)
    simplecov-html (0.5.3)
    simplecov-rcov (0.2.3)
      simplecov (>= 0.4.1)
    systemu (2.6.5)
    uuid (2.3.9)
      macaddr (~> 1.0)
    yajl-ruby (1.4.3)
    zfs (0.1.1)

PLATFORMS
  ruby

DEPENDENCIES
  10xengineer-node!
  rspec (~> 2)
  simplecov
  simplecov-rcov
