PATH
  remote: .
  specs:
    10xengineer-node (0.1.3)
      commander (~> 4.1.2)
      di-ruby-lvm (~> 0.1.3)
      erubis (~> 2.7.0)
      httparty (~> 0.8.3)
      human_size_to_number (~> 1.0.1)
      microcloud (~> 0.1.1)
      mixlib-shellout (~> 1.1.0)
      net-ssh (~> 2.3.0)
      open4 (~> 1.3.0)
      uuid (~> 2.3.5)
      yajl-ruby (~> 1.1.0)
      zfs (~> 0.1.1)

GEM
  remote: https://rubygems.org/
  specs:
    activesupport (3.2.8)
      i18n (~> 0.6)
      multi_json (~> 1.0)
    commander (4.1.2)
      highline (~> 1.6.11)
    di-ruby-lvm (0.1.3)
      di-ruby-lvm-attrib (~> 0.0.3)
      open4 (>= 0.9.6)
    di-ruby-lvm-attrib (0.0.3)
    diff-lcs (1.1.3)
    erubis (2.7.0)
    highline (1.6.15)
    httparty (0.8.3)
      multi_json (~> 1.0)
      multi_xml
    human_size_to_number (1.0.1)
      rake
    i18n (0.6.1)
    macaddr (1.6.1)
      systemu (~> 2.5.0)
    microcloud (0.1.1)
      activesupport (~> 3.2.6)
      httparty (~> 0.8.3)
      yajl-ruby (~> 1.1.0)
    mixlib-shellout (1.1.0)
    multi_json (1.3.6)
    multi_xml (0.5.1)
    net-ssh (2.3.0)
    open4 (1.3.0)
    rake (0.9.2.2)
    rspec (2.10.0)
      rspec-core (~> 2.10.0)
      rspec-expectations (~> 2.10.0)
      rspec-mocks (~> 2.10.0)
    rspec-core (2.10.1)
    rspec-expectations (2.10.0)
      diff-lcs (~> 1.1.3)
    rspec-mocks (2.10.1)
    simplecov (0.6.4)
      multi_json (~> 1.0)
      simplecov-html (~> 0.5.3)
    simplecov-html (0.5.3)
    simplecov-rcov (0.2.3)
      simplecov (>= 0.4.1)
    systemu (2.5.2)
    uuid (2.3.5)
      macaddr (~> 1.0)
    yajl-ruby (1.1.0)
    zfs (0.1.1)

PLATFORMS
  ruby

DEPENDENCIES
  10xengineer-node!
  rspec (~> 2)
  simplecov
  simplecov-rcov
