PATH
  remote: .
  specs:
    10xengineer-node (0.0.1)
      commander (~> 4.1.2)
      di-ruby-lvm (~> 0.1.3)
      net-ssh (~> 2.3.0)
      open4 (~> 1.3.0)
      uuid (~> 2.3.5)

GEM
  remote: https://rubygems.org/
  specs:
    commander (4.1.2)
      highline (~> 1.6.11)
    di-ruby-lvm (0.1.3)
      di-ruby-lvm-attrib (~> 0.0.3)
      open4 (>= 0.9.6)
    di-ruby-lvm-attrib (0.0.3)
    diff-lcs (1.1.3)
    highline (1.6.12)
    macaddr (1.6.1)
      systemu (~> 2.5.0)
    multi_json (1.3.6)
    net-ssh (2.3.0)
    open4 (1.3.0)
    rspec (2.10.0)
      rspec-core (~> 2.10.0)
      rspec-expectations (~> 2.10.0)
      rspec-mocks (~> 2.10.0)
    rspec-core (2.10.1)
    rspec-expectations (2.10.0)
      diff-lcs (~> 1.1.3)
    rspec-mocks (2.10.1)
    simplecov (0.6.4)
      multi_json (~> 1.0)
      simplecov-html (~> 0.5.3)
    simplecov-html (0.5.3)
    simplecov-rcov (0.2.3)
      simplecov (>= 0.4.1)
    systemu (2.5.1)
    uuid (2.3.5)
      macaddr (~> 1.0)

PLATFORMS
  ruby

DEPENDENCIES
  10xengineer-node!
  rspec (~> 2)
  simplecov
  simplecov-rcov
